GEM
  specs:
    domain_name (0.5.20170404)
      unf (>= 0.0.5, < 1.0.0)
    hashie (3.5.6)
    http-cookie (1.0.3)
      domain_name (~> 0.5)
    mime-types (3.1)
      mime-types-data (~> 3.2015)
    mime-types-data (3.2016.0521)
    mini_portile2 (2.2.0)
    multi_json (1.12.1)
    net_dav (0.5.1)
      nokogiri
    netrc (0.8.0)
    nokogiri (1.8.0)
      mini_portile2 (~> 2.2.0)
    ocman (1.2.2)
      hashie (~> 3.4)
      multi_json (~> 1.0)
      net_dav (~> 0.5.1)
      rest-client (~> 2.0)
    rest-client (2.0.2)
      http-cookie (>= 1.0.2, < 2.0)
      mime-types (>= 1.16, < 4.0)
      netrc (~> 0.8)
    unf (0.1.4)
      unf_ext
    unf_ext (0.0.7.4)

PLATFORMS
  ruby

DEPENDENCIES
  domain_name (= 0.5.20170404)
  hashie (= 3.5.6)
  http-cookie (= 1.0.3)
  multi_json (= 1.12.1)
  net_dav (= 0.5.1)
  netrc (= 0.8.0)
  ocman (= 1.2.2)
  rest-client (= 2.0.2)

BUNDLED WITH
   1.15.3
