GEM
  specs:
    ast (2.3.0)
    domain_name (0.5.20170404)
      unf (>= 0.0.5, < 1.0.0)
    hashie (3.5.6)
    http-cookie (1.0.3)
      domain_name (~> 0.5)
    mime-types (3.1)
      mime-types-data (~> 3.2015)
    mime-types-data (3.2016.0521)
    mini_portile2 (2.2.0)
    multi_json (1.12.1)
    net_dav (0.5.1)
      nokogiri
    netrc (0.8.0)
    nokogiri (1.8.0)
      mini_portile2 (~> 2.2.0)
    ocman (1.2.2)
      hashie (~> 3.4)
      multi_json (~> 1.0)
      net_dav (~> 0.5.1)
      rest-client (~> 2.0)
    parallel (1.12.0)
    parser (2.4.0.0)
      ast (~> 2.2)
    powerpack (0.1.1)
    rainbow (2.2.2)
      rake
    rake (12.0.0)
    rest-client (2.0.2)
      http-cookie (>= 1.0.2, < 2.0)
      mime-types (>= 1.16, < 4.0)
      netrc (~> 0.8)
    rubocop (0.49.1)
      parallel (~> 1.10)
      parser (>= 2.3.3.1, < 3.0)
      powerpack (~> 0.1)
      rainbow (>= 1.99.1, < 3.0)
      ruby-progressbar (~> 1.7)
      unicode-display_width (~> 1.0, >= 1.0.1)
    ruby-progressbar (1.8.1)
    unf (0.1.4)
      unf_ext
    unf_ext (0.0.7.4)
    unicode-display_width (1.3.0)

PLATFORMS
  ruby

DEPENDENCIES
  domain_name (= 0.5.20170404)
  hashie (= 3.5.6)
  http-cookie (= 1.0.3)
  multi_json (= 1.12.1)
  net_dav (= 0.5.1)
  netrc (= 0.8.0)
  ocman (= 1.2.2)
  rest-client (= 2.0.2)
  rubocop (~> 0.49.1)

BUNDLED WITH
   1.15.3
